GEM
  remote: https://rubygems.org/
  specs:
    mustermann (1.0.2)
    nori (2.6.0)
    rack (2.0.4)
    rack-protection (2.0.1)
      rack
    sinatra (2.0.1)
      mustermann (~> 1.0)
      rack (~> 2.0)
      rack-protection (= 2.0.1)
      tilt (~> 2.0)
    tilt (2.0.8)

PLATFORMS
  ruby

DEPENDENCIES
  nori (= 2.6.0)
  sinatra (= 2.0.1)

RUBY VERSION
   ruby 2.3.4p301

BUNDLED WITH
   1.16.1
